GEM
  remote: https://rubygems.org/
  specs:
    commander-openflighthpc (1.1.0)
      highline (~> 1.7.2)
      paint (~> 2.1.0)
    highline (1.7.10)
    paint (2.1.0)

PLATFORMS
  ruby

DEPENDENCIES
  commander-openflighthpc (~> 1.1.0)

BUNDLED WITH
   1.17.1
